GEM
  remote: http://rubygems.org/
  specs:
    tumblr (2.2.0)

PLATFORMS
  ruby

DEPENDENCIES
  tumblr
